GEM
  remote: https://rubygems.org/
  specs:
    cinch (2.3.4)
    minitest (5.11.3)
    minitest-autotest (1.0.3)
      minitest-server (~> 1.0)
    minitest-server (1.0.5)
      minitest (~> 5.0)
    rake (12.3.1)

PLATFORMS
  ruby

DEPENDENCIES
  cinch
  minitest-autotest
  rake

BUNDLED WITH
   1.17.1
