GEM
  remote: https://rubygems.org/
  specs:
    cinch (2.3.4)
    rake (12.3.1)

PLATFORMS
  ruby

DEPENDENCIES
  cinch
  rake

BUNDLED WITH
   2.0.1
